GEM
  remote: https://rubygems.org/
  specs:
    connection_pool (2.4.1)
    faraday (2.9.0)
      faraday-net_http (>= 2.0, < 3.2)
    faraday-net_http (3.1.0)
      net-http
    net-http (0.4.1)
      uri
    rack (2.2.8.1)
    redis (4.8.1)
    sidekiq (6.5.10)
      connection_pool (>= 2.2.5, < 3)
      rack (~> 2.0)
      redis (>= 4.5.0, < 5)
    uri (0.13.0)

PLATFORMS
  arm64-darwin-22
  x86_64-linux

DEPENDENCIES
  faraday (~> 2.9)
  sidekiq (~> 6.5)

BUNDLED WITH
   2.4.22
